PATH
  remote: .
  specs:
    jekyll-academicons-svg (0.1.1)

GEM
  remote: https://rubygems.org/
  specs:
    diff-lcs (1.4.4)
    liquid (4.0.3)
    rake (13.0.4)
    rspec (3.10.0)
      rspec-core (~> 3.10.0)
      rspec-expectations (~> 3.10.0)
      rspec-mocks (~> 3.10.0)
    rspec-core (3.10.0)
      rspec-support (~> 3.10.0)
    rspec-expectations (3.10.0)
      diff-lcs (>= 1.2.0, < 2.0)
      rspec-support (~> 3.10.0)
    rspec-mocks (3.10.0)
      diff-lcs (>= 1.2.0, < 2.0)
      rspec-support (~> 3.10.0)
    rspec-support (3.10.0)

PLATFORMS
  ruby

DEPENDENCIES
  bundler (~> 2.0)
  jekyll-academicons-svg!
  liquid
  rake (~> 13.0)
  rspec (~> 3.0)

BUNDLED WITH
   2.0.2
